GEM
  remote: http://rubygems.org/
  specs:
    choice (0.2.0)
    git (1.2.9.1)
    json (1.8.2)
    json (1.8.2-java)
    word_wrap (1.0.0)

PLATFORMS
  java
  ruby

DEPENDENCIES
  choice
  git
  json
  word_wrap

BUNDLED WITH
   1.12.5
