GEM
  remote: http://rubygems.org/
  specs:
    addressable (2.8.1)
      public_suffix (>= 2.0.2, < 6.0)
    choice (0.2.0)
    git (1.13.0)
      addressable (~> 2.8)
      rchardet (~> 1.8)
    json (2.1.0)
    json (2.1.0-java)
    public_suffix (5.0.1)
    rchardet (1.8.0)
    word_wrap (1.0.0)

PLATFORMS
  java
  ruby

DEPENDENCIES
  choice
  git
  json
  word_wrap

BUNDLED WITH
   1.16.1
