GEM
  remote: http://rubygems.org/
  specs:
    choice (0.2.0)
    git (1.3.0)
    json (2.3.0)
    json (2.3.0-java)
    word_wrap (1.0.0)

PLATFORMS
  java
  ruby

DEPENDENCIES
  choice
  git
  json
  word_wrap

BUNDLED WITH
   1.16.1
