GEM
  remote: http://rubygems.org/
  specs:
    choice (0.2.0)
    git (1.11.0)
      rchardet (~> 1.8)
    json (2.1.0)
    json (2.1.0-java)
    rchardet (1.8.0)
    word_wrap (1.0.0)

PLATFORMS
  java
  ruby

DEPENDENCIES
  choice
  git
  json
  word_wrap

BUNDLED WITH
   1.16.1
